GEM
  remote: https://rubygems.org/
  specs:
    addressable (2.8.7)
      public_suffix (>= 2.0.2, < 7.0)
    async (2.18.0)
      console (~> 1.26)
      fiber-annotation
      io-event (~> 1.6, >= 1.6.5)
    async-container (0.18.3)
      async (~> 2.10)
    async-http (0.82.3)
      async (>= 2.10.2)
      async-pool (~> 0.9)
      io-endpoint (~> 0.14)
      io-stream (~> 0.6)
      metrics (~> 0.12)
      protocol-http (~> 0.37)
      protocol-http1 (>= 0.28.1)
      protocol-http2 (~> 0.19)
      traces (~> 0.10)
    async-http-cache (0.4.4)
      async-http (~> 0.56)
    async-pool (0.10.1)
      async (>= 1.25)
      traces
    async-service (0.12.0)
      async
      async-container (~> 0.16)
    async-websocket (0.30.0)
      async-http (~> 0.76)
      protocol-http (~> 0.34)
      protocol-rack (~> 0.7)
      protocol-websocket (~> 0.17)
    base64 (0.2.0)
    console (1.27.0)
      fiber-annotation
      fiber-local (~> 1.1)
      json
    domain_name (0.6.20240107)
    dotenv (3.1.4)
    falcon (0.48.3)
      async
      async-container (~> 0.18)
      async-http (~> 0.75)
      async-http-cache (~> 0.4)
      async-service (~> 0.10)
      bundler
      localhost (~> 1.1)
      openssl (~> 3.0)
      process-metrics (~> 0.2)
      protocol-http (~> 0.31)
      protocol-rack (~> 0.7)
      samovar (~> 2.3)
    faraday (2.12.0)
      faraday-net_http (>= 2.0, < 3.4)
      json
      logger
    faraday-net_http (3.3.0)
      net-http
    ffi (1.17.0)
    ffi (1.17.0-x86_64-linux-gnu)
    ffi-compiler (1.3.2)
      ffi (>= 1.15.5)
      rake
    fiber-annotation (0.2.0)
    fiber-local (1.1.0)
      fiber-storage
    fiber-storage (1.0.0)
    hitimes (1.3.1)
    http (5.2.0)
      addressable (~> 2.8)
      base64 (~> 0.1)
      http-cookie (~> 1.0)
      http-form_data (~> 2.2)
      llhttp-ffi (~> 0.5.0)
    http-cookie (1.0.7)
      domain_name (~> 0.5)
    http-form_data (2.3.0)
    io-endpoint (0.14.0)
    io-event (1.7.3)
    io-stream (0.6.0)
    json (2.7.6)
    jwt (2.9.3)
      base64
    llhttp-ffi (0.5.0)
      ffi-compiler (~> 1.0)
      rake (~> 13.0)
    localhost (1.3.1)
    logger (1.6.1)
    mapping (1.1.1)
    metrics (0.12.0)
    mini_portile2 (2.8.7)
    net-http (0.4.1)
      uri
    nokogiri (1.16.7)
      mini_portile2 (~> 2.8.2)
      racc (~> 1.4)
    nokogiri (1.16.7-x86_64-linux)
      racc (~> 1.4)
    openssl (3.2.0)
    process-metrics (0.3.0)
      console (~> 1.8)
      json (~> 2)
      samovar (~> 2.1)
    protocol-hpack (1.5.1)
    protocol-http (0.42.0)
    protocol-http1 (0.28.1)
      protocol-http (~> 0.22)
    protocol-http2 (0.19.4)
      protocol-hpack (~> 1.4)
      protocol-http (~> 0.18)
      traces
    protocol-rack (0.10.1)
      protocol-http (~> 0.37)
      rack (>= 1.0)
    protocol-websocket (0.20.1)
      protocol-http (~> 0.2)
    public_suffix (6.0.1)
    racc (1.8.1)
    rack (3.1.8)
    rake (13.2.1)
    samovar (2.3.0)
      console (~> 1.0)
      mapping (~> 1.0)
    socketry (0.5.1)
      hitimes (~> 1.2)
    traces (0.13.1)
    twilio-ruby (7.3.5)
      faraday (>= 0.9, < 3.0)
      jwt (>= 1.5, < 3.0)
      nokogiri (>= 1.6, < 2.0)
    uri (0.13.1)

PLATFORMS
  ruby
  x86_64-linux

DEPENDENCIES
  async (~> 2.18)
  async-http (~> 0.82.3)
  async-websocket (~> 0.30.0)
  dotenv (~> 3.1)
  falcon (~> 0.48.3)
  http (~> 5.2)
  protocol-rack (~> 0.10.1)
  rack (~> 3.1)
  socketry (~> 0.5.1)
  twilio-ruby (~> 7.3)

BUNDLED WITH
   2.5.11
